GEM
  remote: http://rubygems.org/
  specs:
    activesupport (3.2.9)
      i18n (~> 0.6)
      multi_json (~> 1.0)
    aws-s3 (0.6.3)
      builder
      mime-types
      xml-simple
    builder (3.1.4)
    i18n (0.6.1)
    json (1.7.5)
    mime-types (1.19)
    multi_json (1.4.0)
    nokogiri (1.5.5)
    pg (0.14.1)
    sequel (3.44.0)
    thor (0.16.0)
    xml-simple (1.1.2)

PLATFORMS
  ruby

DEPENDENCIES
  activesupport
  aws-s3
  json
  nokogiri
  pg
  sequel
  thor
